GEM
  remote: https://rubygems.org/
  specs:
    aws-sdk (2.9.16)
      aws-sdk-resources (= 2.9.16)
    aws-sdk-core (2.9.16)
      aws-sigv4 (~> 1.0)
      jmespath (~> 1.0)
    aws-sdk-resources (2.9.16)
      aws-sdk-core (= 2.9.16)
    aws-sigv4 (1.0.0)
    jmespath (1.3.1)
    minitest (5.10.2)
    power_assert (1.0.2)
    rake (13.0.1)
    test-unit (3.2.3)
      power_assert

PLATFORMS
  ruby

DEPENDENCIES
  aws-sdk
  minitest
  rake (>= 12.3.3)
  test-unit

BUNDLED WITH
   1.17.3
